GEM
  remote: https://rubygems.org/
  specs:
    ddtrace (0.26.0)
      msgpack
    dotenv (2.5.0)
    foreman (0.85.0)
      thor (~> 0.19.1)
    json (2.2.0)
    msgpack (1.3.1)
    mustermann (1.1.1)
      ruby2_keywords (~> 0.0.1)
    puma (3.12.0)
    rack (2.2.3)
    rack-protection (2.2.0)
      rack
    ruby2_keywords (0.0.5)
    sinatra (2.2.0)
      mustermann (~> 1.0)
      rack (~> 2.2)
      rack-protection (= 2.2.0)
      tilt (~> 2.0)
    thor (0.19.4)
    tilt (2.0.10)

PLATFORMS
  ruby

DEPENDENCIES
  ddtrace
  dotenv (= 2.5.0)
  foreman (= 0.85.0)
  json
  puma (= 3.12.0)
  sinatra (= 2.2.0)

RUBY VERSION
   ruby 2.5.3p105

BUNDLED WITH
   1.17.3
