GEM
  remote: https://rubygems.org/
  specs:
    ddtrace (0.26.0)
      msgpack
    dotenv (2.5.0)
    foreman (0.85.0)
      thor (~> 0.19.1)
    json (2.2.0)
    msgpack (1.3.1)
    mustermann (1.0.3)
    nio4r (2.5.9)
    puma (5.6.7)
      nio4r (~> 2.0)
    rack (2.0.6)
    rack-protection (2.0.5)
      rack
    sinatra (2.0.5)
      mustermann (~> 1.0)
      rack (~> 2.0)
      rack-protection (= 2.0.5)
      tilt (~> 2.0)
    thor (0.19.4)
    tilt (2.0.9)

PLATFORMS
  ruby

DEPENDENCIES
  ddtrace
  dotenv (= 2.5.0)
  foreman (= 0.85.0)
  json
  puma (= 5.6.7)
  sinatra (= 2.0.5)

RUBY VERSION
   ruby 2.5.3p105

BUNDLED WITH
   1.17.3
